GIT
  remote: git://github.com/riywo/hue.git
  revision: f3b805d440392dd3eacf8d0cef7135885f1fb99c
  specs:
    hue (0.1.2)
      multi_json
      thor

GEM
  remote: https://rubygems.org/
  specs:
    multi_json (1.8.2)
    rack (1.5.2)
    rack-protection (1.5.0)
      rack
    sinatra (1.4.3)
      rack (~> 1.4)
      rack-protection (~> 1.4)
      tilt (~> 1.3, >= 1.3.4)
    thor (0.18.1)
    tilt (1.4.1)

PLATFORMS
  ruby

DEPENDENCIES
  hue!
  sinatra
